GIT
  remote: git://github.com/mokhan/flipper.git
  revision: 09358caf7abb135550e6b4378b98c41efff0f8ce
  branch: rails-6
  specs:
    flipper (0.16.2)
    flipper-active_record (0.16.2)
      activerecord (>= 3.2, < 7)
      flipper (~> 0.16.2)
    flipper-redis (0.16.2)
      flipper (~> 0.16.2)
      redis (>= 2.2, < 5)
    flipper-ui (0.16.2)
      erubi (>= 1.0.0, < 2.0.0)
      flipper (~> 0.16.2)
      rack (>= 1.4, < 3)
      rack-protection (>= 1.5.3, < 2.1.0)

GEM
  remote: https://rubygems.org/
  specs:
    actioncable (6.0.0)
      actionpack (= 6.0.0)
      nio4r (~> 2.0)
      websocket-driver (>= 0.6.1)
    actionmailbox (6.0.0)
      actionpack (= 6.0.0)
      activejob (= 6.0.0)
      activerecord (= 6.0.0)
      activestorage (= 6.0.0)
      activesupport (= 6.0.0)
      mail (>= 2.7.1)
    actionmailer (6.0.0)
      actionpack (= 6.0.0)
      actionview (= 6.0.0)
      activejob (= 6.0.0)
      mail (~> 2.5, >= 2.5.4)
      rails-dom-testing (~> 2.0)
    actionpack (6.0.0)
      actionview (= 6.0.0)
      activesupport (= 6.0.0)
      rack (~> 2.0)
      rack-test (>= 0.6.3)
      rails-dom-testing (~> 2.0)
      rails-html-sanitizer (~> 1.0, >= 1.2.0)
    actiontext (6.0.0)
      actionpack (= 6.0.0)
      activerecord (= 6.0.0)
      activestorage (= 6.0.0)
      activesupport (= 6.0.0)
      nokogiri (>= 1.8.5)
    actionview (6.0.0)
      activesupport (= 6.0.0)
      builder (~> 3.1)
      erubi (~> 1.4)
      rails-dom-testing (~> 2.0)
      rails-html-sanitizer (~> 1.1, >= 1.2.0)
    activejob (6.0.0)
      activesupport (= 6.0.0)
      globalid (>= 0.3.6)
    activemerchant (1.98.0)
      activesupport (>= 4.2)
      builder (>= 2.1.2, < 4.0.0)
      i18n (>= 0.6.9)
      nokogiri (~> 1.4)
    activemodel (6.0.0)
      activesupport (= 6.0.0)
    activerecord (6.0.0)
      activemodel (= 6.0.0)
      activesupport (= 6.0.0)
    activestorage (6.0.0)
      actionpack (= 6.0.0)
      activejob (= 6.0.0)
      activerecord (= 6.0.0)
      marcel (~> 0.3.1)
    activesupport (6.0.0)
      concurrent-ruby (~> 1.0, >= 1.0.2)
      i18n (>= 0.7, < 2)
      minitest (~> 5.1)
      tzinfo (~> 1.1)
      zeitwerk (~> 2.1, >= 2.1.8)
    acts_as_list (0.9.19)
      activerecord (>= 3.0)
    addressable (2.7.0)
      public_suffix (>= 2.0.2, < 5.0)
    archive-zip (0.12.0)
      io-like (~> 0.3.0)
    ast (2.4.0)
    autoprefixer-rails (9.6.1.1)
      execjs
    awesome_nested_set (3.2.0)
      activerecord (>= 4.0.0, < 7.0)
    awesome_print (1.8.0)
    aws-eventstream (1.0.3)
    aws-partitions (1.211.0)
    aws-sdk-core (3.67.0)
      aws-eventstream (~> 1.0, >= 1.0.2)
      aws-partitions (~> 1.0)
      aws-sigv4 (~> 1.1)
      jmespath (~> 1.0)
    aws-sdk-kms (1.24.0)
      aws-sdk-core (~> 3, >= 3.61.1)
      aws-sigv4 (~> 1.1)
    aws-sdk-s3 (1.48.0)
      aws-sdk-core (~> 3, >= 3.61.1)
      aws-sdk-kms (~> 1)
      aws-sigv4 (~> 1.1)
    aws-sigv4 (1.1.0)
      aws-eventstream (~> 1.0, >= 1.0.2)
    babel-source (5.8.35)
    babel-transpiler (0.7.0)
      babel-source (>= 4.0, < 6)
      execjs (~> 2.0)
    bcrypt (3.1.13)
    bindex (0.8.1)
    binding_of_caller (0.8.0)
      debug_inspector (>= 0.0.1)
    bootsnap (1.4.5)
      msgpack (~> 1.0)
    bootstrap (4.3.1)
      autoprefixer-rails (>= 9.1.0)
      popper_js (>= 1.14.3, < 2)
      sassc-rails (>= 2.0.0)
    builder (3.2.3)
    bullet (6.0.2)
      activesupport (>= 3.0.0)
      uniform_notifier (~> 1.11)
    camertron-eprun (1.1.1)
    cancancan (3.0.1)
    canonical-rails (0.2.6)
      rails (>= 4.1, < 6.1)
    capybara (3.29.0)
      addressable
      mini_mime (>= 0.1.3)
      nokogiri (~> 1.8)
      rack (>= 1.6.0)
      rack-test (>= 0.6.3)
      regexp_parser (~> 1.5)
      xpath (~> 3.2)
    capybara-screenshot (1.0.23)
      capybara (>= 1.0, < 4)
      launchy
    carmen (1.1.3)
      activesupport (>= 3.0.0)
    childprocess (2.0.0)
      rake (< 13.0)
    chromedriver-helper (2.1.1)
      archive-zip (~> 0.10)
      nokogiri (~> 1.8)
    cldr-plurals-runtime-rb (1.0.1)
    codeclimate-test-reporter (1.0.9)
      simplecov (<= 0.13)
    coderay (1.1.2)
    coffee-rails (5.0.0)
      coffee-script (>= 2.2.0)
      railties (>= 5.2.0)
    coffee-script (2.4.1)
      coffee-script-source
      execjs
    coffee-script-source (1.12.2)
    concurrent-ruby (1.1.5)
    connection_pool (2.2.2)
    crack (0.4.3)
      safe_yaml (~> 1.0.0)
    crass (1.0.4)
    css_parser (1.7.0)
      addressable
    dalli (2.7.10)
    database_cleaner (1.7.0)
    debug_inspector (0.0.3)
    deface (1.5.1)
      nokogiri (>= 1.6)
      polyglot
      rails (>= 4.1)
      rainbow (>= 2.1.0)
    devise (4.7.1)
      bcrypt (~> 3.0)
      orm_adapter (~> 0.1)
      railties (>= 4.1.0)
      responders
      warden (~> 1.2.3)
    devise-encryptable (0.2.0)
      devise (>= 2.1.0)
    diff-lcs (1.3)
    docile (1.1.5)
    doorkeeper (5.2.1)
      railties (>= 5)
    dotenv (2.7.5)
    dotenv-rails (2.7.5)
      dotenv (= 2.7.5)
      railties (>= 3.2, < 6.1)
    erubi (1.8.0)
    execjs (2.7.0)
    factory_bot (5.0.2)
      activesupport (>= 4.2.0)
    factory_bot_rails (5.0.2)
      factory_bot (~> 5.0.2)
      railties (>= 4.2.0)
    faraday (0.15.4)
      multipart-post (>= 1.2, < 3)
    fast_jsonapi (1.5)
      activesupport (>= 4.2)
    ffaker (2.12.0)
    ffi (1.11.1)
    flamegraph (0.9.5)
    font_assets (0.1.14)
      rack
    friendly_id (5.2.5)
      activerecord (>= 4.0.0)
    globalid (0.4.2)
      activesupport (>= 4.2.0)
    glyphicons (1.0.2)
    hashdiff (1.0.0)
    highline (2.0.2)
    htmlentities (4.3.4)
    i18n (1.6.0)
      concurrent-ruby (~> 1.0)
    i18n-js (3.3.0)
      i18n (>= 0.6.6)
    image_processing (1.9.3)
      mini_magick (>= 4.9.5, < 5)
      ruby-vips (>= 2.0.13, < 3)
    io-like (0.3.0)
    jaro_winkler (1.5.3)
    jmespath (1.4.0)
    jquery-rails (4.3.5)
      rails-dom-testing (>= 1, < 3)
      railties (>= 4.2.0)
      thor (>= 0.14, < 2.0)
    jquery-ui-rails (6.0.1)
      railties (>= 3.2.16)
    js-routes (1.4.9)
      railties (>= 4)
      sprockets-rails
    json (2.2.0)
    jsonapi-rspec (0.0.2)
    kaminari (1.1.1)
      activesupport (>= 4.1.0)
      kaminari-actionview (= 1.1.1)
      kaminari-activerecord (= 1.1.1)
      kaminari-core (= 1.1.1)
    kaminari-actionview (1.1.1)
      actionview
      kaminari-core (= 1.1.1)
    kaminari-activerecord (1.1.1)
      activerecord
      kaminari-core (= 1.1.1)
    kaminari-core (1.1.1)
    launchy (2.4.3)
      addressable (~> 2.3)
    letter_opener (1.7.0)
      launchy (~> 2.2)
    libv8 (7.3.492.27.1)
    listen (3.1.5)
      rb-fsevent (~> 0.9, >= 0.9.4)
      rb-inotify (~> 0.9, >= 0.9.7)
      ruby_dep (~> 1.2)
    loofah (2.2.3)
      crass (~> 1.0.2)
      nokogiri (>= 1.5.9)
    mail (2.7.1)
      mini_mime (>= 0.1.1)
    marcel (0.3.3)
      mimemagic (~> 0.3.2)
    memory_profiler (0.9.14)
    method_source (0.9.2)
    mimemagic (0.3.3)
    mini_magick (4.9.5)
    mini_mime (1.0.2)
    mini_portile2 (2.4.0)
    mini_racer (0.2.6)
      libv8 (>= 6.9.411)
    minitest (5.11.3)
    monetize (1.9.2)
      money (~> 6.12)
    money (6.13.4)
      i18n (>= 0.6.4, <= 2)
    msgpack (1.3.1)
    multipart-post (2.1.1)
    nio4r (2.5.1)
    nokogiri (1.10.4)
      mini_portile2 (~> 2.4.0)
    orm_adapter (0.5.0)
    parallel (1.17.0)
    paranoia (2.4.2)
      activerecord (>= 4.0, < 6.1)
    parser (2.6.4.0)
      ast (~> 2.4.0)
    pg (1.1.4)
    polyamorous (2.3.0)
      activerecord (>= 5.0)
    polyglot (0.3.5)
    popper_js (1.14.5)
    premailer (1.11.1)
      addressable
      css_parser (>= 1.6.0)
      htmlentities (>= 4.0.0)
    premailer-rails (1.10.3)
      actionmailer (>= 3)
      premailer (~> 1.7, >= 1.7.9)
    pry (0.12.2)
      coderay (~> 1.1.0)
      method_source (~> 0.9.0)
    pry-nav (0.3.0)
      pry (>= 0.9.10, < 0.13.0)
    pry-remote (0.1.8)
      pry (~> 0.9)
      slop (~> 3.0)
    pry-stack_explorer (0.4.9.3)
      binding_of_caller (>= 0.7)
      pry (>= 0.9.11)
    public_suffix (4.0.1)
    puma (4.1.1)
      nio4r (~> 2.0)
    rabl (0.14.2)
      activesupport (>= 2.3.14)
    rack (2.0.7)
    rack-cache (1.9.0)
      rack (>= 0.4)
    rack-mini-profiler (1.0.2)
      rack (>= 1.2.0)
    rack-protection (2.0.7)
      rack
    rack-proxy (0.6.5)
      rack
    rack-test (1.1.0)
      rack (>= 1.0, < 3)
    rack-timeout (0.5.1)
    rails (6.0.0)
      actioncable (= 6.0.0)
      actionmailbox (= 6.0.0)
      actionmailer (= 6.0.0)
      actionpack (= 6.0.0)
      actiontext (= 6.0.0)
      actionview (= 6.0.0)
      activejob (= 6.0.0)
      activemodel (= 6.0.0)
      activerecord (= 6.0.0)
      activestorage (= 6.0.0)
      activesupport (= 6.0.0)
      bundler (>= 1.3.0)
      railties (= 6.0.0)
      sprockets-rails (>= 2.0.0)
    rails-dom-testing (2.0.3)
      activesupport (>= 4.2.0)
      nokogiri (>= 1.6)
    rails-html-sanitizer (1.2.0)
      loofah (~> 2.2, >= 2.2.2)
    railties (6.0.0)
      actionpack (= 6.0.0)
      activesupport (= 6.0.0)
      method_source
      rake (>= 0.8.7)
      thor (>= 0.20.3, < 2.0)
    rainbow (3.0.0)
    rake (12.3.3)
    ransack (2.3.0)
      actionpack (>= 5.0)
      activerecord (>= 5.0)
      activesupport (>= 5.0)
      i18n
      polyamorous (= 2.3.0)
    rb-fsevent (0.10.3)
    rb-inotify (0.10.0)
      ffi (~> 1.0)
    react-rails (2.6.0)
      babel-transpiler (>= 0.7.0)
      connection_pool
      execjs
      railties (>= 3.2)
      tilt
    redis (4.1.2)
    regexp_parser (1.6.0)
    responders (3.0.0)
      actionpack (>= 5.0)
      railties (>= 5.0)
    rspec-activejob (0.6.1)
      activejob (>= 4.2)
      rspec-mocks
    rspec-activemodel-mocks (1.1.0)
      activemodel (>= 3.0)
      activesupport (>= 3.0)
      rspec-mocks (>= 2.99, < 4.0)
    rspec-core (3.8.2)
      rspec-support (~> 3.8.0)
    rspec-expectations (3.8.4)
      diff-lcs (>= 1.2.0, < 2.0)
      rspec-support (~> 3.8.0)
    rspec-mocks (3.8.1)
      diff-lcs (>= 1.2.0, < 2.0)
      rspec-support (~> 3.8.0)
    rspec-rails (3.8.2)
      actionpack (>= 3.0)
      activesupport (>= 3.0)
      railties (>= 3.0)
      rspec-core (~> 3.8.0)
      rspec-expectations (~> 3.8.0)
      rspec-mocks (~> 3.8.0)
      rspec-support (~> 3.8.0)
    rspec-support (3.8.2)
    rspec_junit_formatter (0.4.1)
      rspec-core (>= 2, < 4, != 2.12.0)
    rubocop (0.74.0)
      jaro_winkler (~> 1.5.1)
      parallel (~> 1.10)
      parser (>= 2.6)
      rainbow (>= 2.2.2, < 4.0)
      ruby-progressbar (~> 1.7)
      unicode-display_width (>= 1.4.0, < 1.7)
    ruby-progressbar (1.10.1)
    ruby-vips (2.0.15)
      ffi (~> 1.9)
    ruby_dep (1.5.0)
    rubyzip (1.2.4)
    safe_yaml (1.0.5)
    sass-rails (6.0.0)
      sassc-rails (~> 2.1, >= 2.1.1)
    sassc (2.2.0)
      ffi (~> 1.9)
    sassc-rails (2.1.2)
      railties (>= 4.0.0)
      sassc (>= 2.0)
      sprockets (> 3.0)
      sprockets-rails
      tilt
    scout_apm (2.6.0)
      parser
    select2-rails (3.5.9.1)
      thor (~> 0.14)
    selenium-webdriver (3.142.4)
      childprocess (>= 0.5, < 3.0)
      rubyzip (~> 1.2, >= 1.2.2)
    sentry-raven (2.11.2)
      faraday (>= 0.7.6, < 1.0)
    sidekiq (6.0.0)
      connection_pool (>= 2.2.2)
      rack (>= 2.0.0)
      rack-protection (>= 2.0.0)
      redis (>= 4.1.0)
    simplecov (0.13.0)
      docile (~> 1.1.0)
      json (>= 1.8, < 3)
      simplecov-html (~> 0.10.0)
    simplecov-html (0.10.2)
    slop (3.6.0)
    spree (4.0.0.rc2)
      spree_api (= 4.0.0.rc2)
      spree_backend (= 4.0.0.rc2)
      spree_cmd (= 4.0.0.rc2)
      spree_core (= 4.0.0.rc2)
      spree_frontend (= 4.0.0.rc2)
      spree_sample (= 4.0.0.rc2)
    spree_analytics_trackers (1.1.0)
      deface (~> 1.0)
      spree_backend (>= 3.1.0, < 5.0)
      spree_core (>= 3.1.0, < 5.0)
      spree_extension
    spree_api (4.0.0.rc2)
      doorkeeper (~> 5.2, >= 5.2.1)
      fast_jsonapi (~> 1.5)
      rabl (~> 0.14.2)
      spree_core (= 4.0.0.rc2)
    spree_auth_devise (4.0.0.rc2)
      deface (~> 1.0)
      devise (~> 4.7)
      devise-encryptable (= 0.2.0)
      spree_core (>= 3.1.0, < 5.0)
      spree_extension
    spree_backend (4.0.0.rc2)
      bootstrap (~> 4.3.1)
      glyphicons (~> 1.0.2)
      jquery-rails (~> 4.3)
      jquery-ui-rails (~> 6.0.1)
      select2-rails (= 3.5.9.1)
      spree_api (= 4.0.0.rc2)
      spree_core (= 4.0.0.rc2)
    spree_cmd (4.0.0.rc2)
      thor (~> 0.14)
    spree_core (4.0.0.rc2)
      activemerchant (~> 1.67)
      acts_as_list (~> 0.8)
      awesome_nested_set (>= 3.1.4, < 3.3.0)
      cancancan (~> 3.0)
      carmen (>= 1.0, < 1.2)
      ffaker (~> 2.9)
      friendly_id (~> 5.2.1)
      highline (~> 2.0.0)
      image_processing (~> 1.2)
      kaminari (>= 1.0.1, < 1.2.0)
      mini_magick (~> 4.9.4)
      monetize (~> 1.9)
      money (~> 6.13)
      paranoia (~> 2.4.2)
      premailer-rails
      rails (~> 6.0.0)
      ransack (~> 2.3.0)
      responders
      sprockets-rails
      state_machines-activemodel (~> 0.7)
      state_machines-activerecord (~> 0.6)
      stringex
      twitter_cldr (~> 4.3)
    spree_extension (0.0.9)
      activerecord (>= 4.2)
      spree_core
    spree_frontend (4.0.0.rc2)
      bootstrap (~> 4.3.1)
      canonical-rails (~> 0.2.5)
      glyphicons (~> 1.0.2)
      jquery-rails (~> 4.3)
      spree_api (= 4.0.0.rc2)
      spree_core (= 4.0.0.rc2)
    spree_gateway (3.6.1)
      spree_core (>= 3.1.0, < 5.0)
      spree_extension
    spree_sample (4.0.0.rc2)
      spree_core (= 4.0.0.rc2)
    spring (2.1.0)
    spring-commands-rspec (1.0.4)
      spring (>= 0.9.1)
    sprockets (3.7.2)
      concurrent-ruby (~> 1.0)
      rack (> 1, < 3)
    sprockets-rails (3.2.1)
      actionpack (>= 4.0)
      activesupport (>= 4.0)
      sprockets (>= 3.0.0)
    stackprof (0.2.12)
    state_machines (0.5.0)
    state_machines-activemodel (0.7.1)
      activemodel (>= 4.1)
      state_machines (>= 0.5.0)
    state_machines-activerecord (0.6.0)
      activerecord (>= 4.1)
      state_machines-activemodel (>= 0.5.0)
    stringex (2.8.5)
    thor (0.20.3)
    thread_safe (0.3.6)
    tilt (2.0.9)
    twitter_cldr (4.4.5)
      camertron-eprun
      cldr-plurals-runtime-rb (~> 1.0)
      tzinfo
    tzinfo (1.2.5)
      thread_safe (~> 0.1)
    uglifier (4.1.20)
      execjs (>= 0.3.0, < 3)
    unicode-display_width (1.6.0)
    uniform_notifier (1.12.1)
    vcr (5.0.0)
    warden (1.2.8)
      rack (>= 2.0.6)
    web-console (4.0.1)
      actionview (>= 6.0.0)
      activemodel (>= 6.0.0)
      bindex (>= 0.4.0)
      railties (>= 6.0.0)
    webmock (3.7.2)
      addressable (>= 2.3.6)
      crack (>= 0.3.2)
      hashdiff (>= 0.4.0, < 2.0.0)
    webpacker (4.0.7)
      activesupport (>= 4.2)
      rack-proxy (>= 0.6.1)
      railties (>= 4.2)
    websocket-driver (0.7.1)
      websocket-extensions (>= 0.1.0)
    websocket-extensions (0.1.4)
    xpath (3.2.0)
      nokogiri (~> 1.8)
    zeitwerk (2.1.10)

PLATFORMS
  ruby

DEPENDENCIES
  awesome_print
  aws-sdk-s3
  bootsnap
  bullet
  capybara
  capybara-screenshot
  chromedriver-helper
  codeclimate-test-reporter
  coffee-rails
  dalli
  database_cleaner
  dotenv-rails (~> 2.1, >= 2.1.1)
  factory_bot
  factory_bot_rails
  ffaker
  flamegraph
  flipper
  flipper-active_record (~> 0.16)!
  flipper-redis
  flipper-ui
  font_assets
  i18n-js (>= 3.0.0.rc11)
  js-routes
  jsonapi-rspec
  launchy
  letter_opener
  listen
  memory_profiler
  mini_racer
  pg
  pry
  pry-nav
  pry-remote
  pry-stack_explorer
  puma
  rack-cache
  rack-mini-profiler
  rack-timeout
  rails (~> 6.0.0)
  react-rails (~> 2.6.0)
  rspec-activejob
  rspec-activemodel-mocks
  rspec-rails (~> 3.8)
  rspec_junit_formatter
  rubocop
  sass-rails
  scout_apm
  selenium-webdriver
  sentry-raven
  sidekiq
  spree (~> 4.0.0.rc2)
  spree_analytics_trackers
  spree_auth_devise (~> 4.0.0.rc2)
  spree_gateway
  spring
  spring-commands-rspec
  stackprof
  uglifier
  vcr
  web-console (~> 4.0)
  webmock
  webpacker (>= 4.0.x)

RUBY VERSION
   ruby 2.6.3p62

BUNDLED WITH
   1.17.2
